

GROUP App
NUGET
  remote: http://api.nuget.org/v3/index.json
  specs:
    Argu (2.1)
    FParsec (1.0.2)
    FSharp.Compiler.Service (3.0)
    FSharp.Configuration (0.6.1)
    FSharp.Core (4.0.0.1)
    FSharpApiSearch (0.4.0-beta)
      FParsec (>= 1.0.2)
      FSharp.Compiler.Service (>= 3.0)
      FsPickler (>= 2.1)
    FsPickler (2.3)
    FsYaml (2.1)
      FSharp.Configuration (>= 0.4.10)
      YamlDotNet (>= 3.8)
    Suave (1.1.2)
      FSharp.Core (>= 3.1.2.5)
    YamlDotNet (3.9)

GROUP Build
NUGET
  remote: http://api.nuget.org/v3/index.json
  specs:
    FAKE (4.26)
    FAKE.Lib (4.28)
    FAKE.Persimmon (1.0.4)
      FAKE.Lib (>= 4.1)
      Persimmon.Console (>= 1.0.2)
    FSharp.Compiler.Service (2.0.0.6)
    FSharp.Formatting (2.14.2)
      FSharp.Compiler.Service (2.0.0.6)
      FSharpVSPowerTools.Core (>= 2.3 < 2.4)
    FSharpApiSearch.Console (0.4.0-beta)
    FSharpVSPowerTools.Core (2.3)
      FSharp.Compiler.Service (>= 2.0.0.3)
    KuduSync.NET (1.3)
    Node.js (5.3)
    Npm.js (2.13.1)
      Node.js (>= 0.12.7)
    Persimmon.Console (1.1)
GITHUB
  remote: fsdn-projects/fsdn-logo
  specs:
    favicon.ico (331db90c3e59bfb844bcf09b1bd1fb174d06e654)
    fsdn_mono.png (331db90c3e59bfb844bcf09b1bd1fb174d06e654)
GROUP Doc
NUGET
  remote: http://api.nuget.org/v3/index.json
  specs:
    FParsec (1.0.2)
    FSharp.Compiler.Service (3.0)
    FsPickler (2.1)
GITHUB
  remote: hafuu/FSharpApiSearch
  specs:
    README.md (b940352eee83f2d82a460c458bcde44b33e728bd)
      FParsec
      FSharp.Compiler.Service
      FsPickler
GROUP Test
NUGET
  remote: http://api.nuget.org/v3/index.json
  specs:
    Persimmon (1.1)
