

GROUP App
NUGET
  remote: http://api.nuget.org/v3/index.json
    Argu (2.1)
    FParsec (1.0.2)
    FSharp.Compiler.Service (3.0)
    FSharp.Configuration (0.6.1)
    FSharp.Core (4.0.0.1)
    FSharpApiSearch (0.4.0-beta)
      FParsec (>= 1.0.2)
      FSharp.Compiler.Service (>= 3.0)
      FsPickler (>= 2.1)
    FsPickler (2.3)
    FsYaml (2.1)
      FSharp.Configuration (>= 0.4.10)
      YamlDotNet (>= 3.8)
    Suave (1.1.2)
      FSharp.Core (>= 3.1.2.5)
    YamlDotNet (3.9)

GROUP Build
NUGET
  remote: http://api.nuget.org/v3/index.json
    FAKE (4.26)
    FAKE.Lib (4.28)
    FAKE.Persimmon (1.0.4)
      FAKE.Lib (>= 4.1)
      Persimmon.Console (>= 1.0.2)
    FSharp.Compiler.Service (2.0.0.6)
    FSharp.Formatting (2.14.2)
      FSharp.Compiler.Service (2.0.0.6)
      FSharpVSPowerTools.Core (>= 2.3 < 2.4)
    FSharpApiSearch.Console (0.4.0-beta)
    FSharpVSPowerTools.Core (2.3)
      FSharp.Compiler.Service (>= 2.0.0.3)
    KuduSync.NET (1.3)
    Microsoft.Bcl (1.1.10) - framework: net10, net11, net20, net30, net35, net40, net40-full
      Microsoft.Bcl.Build (>= 1.0.14)
    Microsoft.Bcl.Build (1.0.21) - import_targets: false, framework: net10, net11, net20, net30, net35, net40, net40-full
    Microsoft.Net.Http (2.2.29) - framework: net10, net11, net20, net30, net35, net40, net40-full
      Microsoft.Bcl (>= 1.1.10)
      Microsoft.Bcl.Build (>= 1.0.14)
    Node.js (5.3)
    Npm.js (2.13.1)
      Node.js (>= 0.12.7)
    Octokit (0.20)
      Microsoft.Net.Http  - framework: net10, net11, net20, net30, net35, net40, net40-full
    Persimmon.Console (1.1)
GITHUB
  remote: fsdn-projects/fsdn-logo
    favicon.ico (331db90c3e59bfb844bcf09b1bd1fb174d06e654)
    fsdn_mono.png (331db90c3e59bfb844bcf09b1bd1fb174d06e654)
  remote: fsharp/FAKE
    modules/Octokit/Octokit.fsx (c063bf415dac7f7d4df4c37fe76badce76cae3c3)
      Octokit
HTTP
  remote: https://github.com
    FSDN.Database.zip (/fsdn-projects/FSDN.Database/releases/download/2016%2F07%2F11-210808/FSDN.Database.zip)
GROUP Doc
NUGET
  remote: http://api.nuget.org/v3/index.json
    FParsec (1.0.2)
    FSharp.Compiler.Service (3.0)
    FsPickler (2.1)
GITHUB
  remote: hafuu/FSharpApiSearch
    README.md (b940352eee83f2d82a460c458bcde44b33e728bd)
      FParsec
      FSharp.Compiler.Service
      FsPickler
GROUP Test
NUGET
  remote: http://api.nuget.org/v3/index.json
    Persimmon (1.1)
