

GROUP App
NUGET
  remote: http://api.nuget.org/v3/index.json
    Argu (3.3)
      FSharp.Core (>= 4.0.1.7-alpha) - framework: >= net463, >= netstandard16
      NETStandard.Library (>= 1.6) - framework: >= net463, >= netstandard16
      System.Xml.XDocument (>= 4.0.11) - framework: >= net463, >= netstandard16
    FParsec (1.0.2)
    FSharp.Collections.ParallelSeq (1.0.2)
    FSharp.Compiler.Service (8.0)
      System.Collections.Immutable (>= 1.2)
      System.Reflection.Metadata (>= 1.4.1-beta-24227-04)
    FSharp.Configuration (0.6.2)
    FSharp.Core (4.0.1.7-alpha)
      Microsoft.NETCore.Platforms (>= 1.0.1) - framework: >= net463, >= netstandard16
      NETStandard.Library (>= 1.6) - framework: >= net463, >= netstandard16
      System.Linq.Expressions (>= 4.1) - framework: >= net463, >= netstandard16
      System.Linq.Queryable (>= 4.0.1) - framework: >= net463, >= netstandard16
      System.Net.Requests (>= 4.0.11) - framework: >= net463, >= netstandard16
      System.Reflection.Emit (>= 4.0.1) - framework: >= net463, >= netstandard16
      System.Reflection.TypeExtensions (>= 4.1) - framework: >= net463, >= netstandard16
      System.Runtime.Loader (>= 4.0) - framework: >= net463, >= netstandard16
      System.Threading.Tasks.Parallel (>= 4.0.1) - framework: >= net463, >= netstandard16
      System.Threading.Thread (>= 4.0) - framework: >= net463, >= netstandard16
      System.Threading.ThreadPool (>= 4.0.10) - framework: >= net463, >= netstandard16
    FSharpApiSearch (2.0)
      FParsec (>= 1.0.2)
      FSharp.Collections.ParallelSeq (>= 1.0.2)
      FSharp.Compiler.Service (>= 6.0)
      FsPickler (>= 3.0)
    FsPickler (3.2)
    FsYaml (2.1)
      FSharp.Configuration (>= 0.4.10)
      YamlDotNet (>= 3.8)
    Microsoft.NETCore.Platforms (1.0.1) - framework: >= net463, netstandard10, >= netstandard10, netstandard11, >= netstandard11, netstandard12, netstandard13, >= netstandard13, >= netstandard15
    Microsoft.NETCore.Targets (1.0.1) - framework: >= netstandard10
    Microsoft.Win32.Primitives (4.0.1) - framework: >= net463, >= netstandard16
      Microsoft.NETCore.Platforms (>= 1.0.1) - framework: >= netstandard13
      Microsoft.NETCore.Targets (>= 1.0.1) - framework: >= netstandard13
      System.Runtime (>= 4.1) - framework: >= netstandard13
    NETStandard.Library (1.6) - framework: >= net463, >= netstandard16
      Microsoft.NETCore.Platforms (>= 1.0.1) - framework: >= netstandard10
      Microsoft.Win32.Primitives (>= 4.0.1) - framework: >= net46, >= netstandard13
      System.AppContext (>= 4.1) - framework: >= net46, >= netstandard13
      System.Collections (>= 4.0.11) - framework: >= netstandard10
      System.Collections.Concurrent (>= 4.0.12) - framework: >= net45, >= netstandard11
      System.Console (>= 4.0) - framework: >= net46, >= netstandard13
      System.Diagnostics.Debug (>= 4.0.11) - framework: >= netstandard10
      System.Diagnostics.Tools (>= 4.0.1) - framework: >= netstandard10
      System.Diagnostics.Tracing (>= 4.1) - framework: >= net45, >= netstandard11
      System.Globalization (>= 4.0.11) - framework: >= netstandard10
      System.Globalization.Calendars (>= 4.0.1) - framework: >= net46, >= netstandard13
      System.IO (>= 4.1) - framework: >= netstandard10
      System.IO.Compression (>= 4.1) - framework: >= net45, >= netstandard11
      System.IO.Compression.ZipFile (>= 4.0.1) - framework: >= net46, >= netstandard13
      System.IO.FileSystem (>= 4.0.1) - framework: >= net46, >= netstandard13
      System.IO.FileSystem.Primitives (>= 4.0.1) - framework: >= net46, >= netstandard13
      System.Linq (>= 4.1) - framework: >= netstandard10
      System.Linq.Expressions (>= 4.1) - framework: >= netstandard10
      System.Net.Http (>= 4.1) - framework: >= net45, >= netstandard11
      System.Net.Primitives (>= 4.0.11) - framework: >= netstandard10
      System.Net.Sockets (>= 4.1) - framework: >= net46, >= netstandard13
      System.ObjectModel (>= 4.0.12) - framework: >= netstandard10
      System.Reflection (>= 4.1) - framework: >= netstandard10
      System.Reflection.Extensions (>= 4.0.1) - framework: >= netstandard10
      System.Reflection.Primitives (>= 4.0.1) - framework: >= netstandard10
      System.Resources.ResourceManager (>= 4.0.1) - framework: >= netstandard10
      System.Runtime (>= 4.1) - framework: >= netstandard10
      System.Runtime.Extensions (>= 4.1) - framework: >= netstandard10
      System.Runtime.Handles (>= 4.0.1) - framework: >= net46, >= netstandard13
      System.Runtime.InteropServices (>= 4.1) - framework: >= net45, >= netstandard11
      System.Runtime.InteropServices.RuntimeInformation (>= 4.0) - framework: >= net45, >= netstandard11
      System.Runtime.Numerics (>= 4.0.1) - framework: >= net45, >= netstandard11
      System.Security.Cryptography.Algorithms (>= 4.2) - framework: >= net46, >= netstandard13
      System.Security.Cryptography.Encoding (>= 4.0) - framework: >= net46, >= netstandard13
      System.Security.Cryptography.Primitives (>= 4.0) - framework: >= net46, >= netstandard13
      System.Security.Cryptography.X509Certificates (>= 4.1) - framework: >= net46, >= netstandard13
      System.Text.Encoding (>= 4.0.11) - framework: >= netstandard10
      System.Text.Encoding.Extensions (>= 4.0.11) - framework: >= netstandard10
      System.Text.RegularExpressions (>= 4.1) - framework: >= netstandard10
      System.Threading (>= 4.0.11) - framework: >= netstandard10
      System.Threading.Tasks (>= 4.0.11) - framework: >= netstandard10
      System.Threading.Timer (>= 4.0.1) - framework: >= net451, >= netstandard12
      System.Xml.ReaderWriter (>= 4.0.11) - framework: >= netstandard10
      System.Xml.XDocument (>= 4.0.11) - framework: >= netstandard10
    runtime.native.System (4.0) - framework: >= netstandard13
      Microsoft.NETCore.Platforms (>= 1.0.1)
      Microsoft.NETCore.Targets (>= 1.0.1)
    runtime.native.System.IO.Compression (4.1) - framework: >= netstandard13
      Microsoft.NETCore.Platforms (>= 1.0.1)
      Microsoft.NETCore.Targets (>= 1.0.1)
    runtime.native.System.Net.Http (4.0.1) - framework: >= netstandard16
      Microsoft.NETCore.Platforms (>= 1.0.1)
      Microsoft.NETCore.Targets (>= 1.0.1)
    runtime.native.System.Security.Cryptography (4.0) - framework: >= netstandard16
      Microsoft.NETCore.Platforms (>= 1.0.1)
      Microsoft.NETCore.Targets (>= 1.0.1)
    Suave (1.1.3)
      FSharp.Core (>= 3.1.2.5)
    System.AppContext (4.1) - framework: >= net463, >= netstandard16
      System.Runtime (>= 4.1) - framework: dnxcore50, netstandard13, >= netstandard16
    System.Buffers (4.0) - framework: >= netstandard16
      System.Diagnostics.Debug (>= 4.0.11) - framework: >= netstandard11
      System.Diagnostics.Tracing (>= 4.1) - framework: >= netstandard11
      System.Resources.ResourceManager (>= 4.0.1) - framework: >= netstandard11
      System.Runtime (>= 4.1) - framework: >= netstandard11
      System.Threading (>= 4.0.11) - framework: >= netstandard11
    System.Collections (4.0.11) - framework: >= netstandard10
      Microsoft.NETCore.Platforms (>= 1.0.1) - framework: dnxcore50, netstandard10, >= netstandard13
      Microsoft.NETCore.Targets (>= 1.0.1) - framework: dnxcore50, netstandard10, >= netstandard13
      System.Runtime (>= 4.1) - framework: dnxcore50, netstandard10, >= netstandard13
    System.Collections.Concurrent (4.0.12) - framework: >= net463, >= netstandard16
      System.Collections (>= 4.0.11) - framework: dnxcore50, >= netstandard13
      System.Diagnostics.Debug (>= 4.0.11) - framework: dnxcore50, >= netstandard13
      System.Diagnostics.Tracing (>= 4.1) - framework: dnxcore50, >= netstandard13
      System.Globalization (>= 4.0.11) - framework: dnxcore50, >= netstandard13
      System.Reflection (>= 4.1) - framework: >= netstandard13
      System.Resources.ResourceManager (>= 4.0.1) - framework: dnxcore50, >= netstandard13
      System.Runtime (>= 4.1) - framework: dnxcore50, netstandard11, >= netstandard13
      System.Runtime.Extensions (>= 4.1) - framework: dnxcore50, >= netstandard13
      System.Threading (>= 4.0.11) - framework: dnxcore50, >= netstandard13
      System.Threading.Tasks (>= 4.0.11) - framework: dnxcore50, netstandard11, >= netstandard13
    System.Collections.Immutable (1.2)
      System.Collections (>= 4.0.11) - framework: >= netstandard10
      System.Diagnostics.Debug (>= 4.0.11) - framework: >= netstandard10
      System.Globalization (>= 4.0.11) - framework: >= netstandard10
      System.Linq (>= 4.1) - framework: >= netstandard10
      System.Resources.ResourceManager (>= 4.0.1) - framework: >= netstandard10
      System.Runtime (>= 4.1) - framework: >= netstandard10
      System.Runtime.Extensions (>= 4.1) - framework: >= netstandard10
      System.Threading (>= 4.0.11) - framework: >= netstandard10
    System.Console (4.0) - framework: >= net463, >= netstandard16
      Microsoft.NETCore.Platforms (>= 1.0.1) - framework: >= netstandard13
      Microsoft.NETCore.Targets (>= 1.0.1) - framework: >= netstandard13
      System.IO (>= 4.1) - framework: >= netstandard13
      System.Runtime (>= 4.1) - framework: >= netstandard13
      System.Text.Encoding (>= 4.0.11) - framework: >= netstandard13
    System.Diagnostics.Debug (4.0.11) - framework: >= netstandard10
      Microsoft.NETCore.Platforms (>= 1.0.1) - framework: dnxcore50, netstandard10, >= netstandard13
      Microsoft.NETCore.Targets (>= 1.0.1) - framework: dnxcore50, netstandard10, >= netstandard13
      System.Runtime (>= 4.1) - framework: dnxcore50, netstandard10, >= netstandard13
    System.Diagnostics.DiagnosticSource (4.0) - framework: >= net463, >= netstandard16
      System.Collections (>= 4.0.11) - framework: netstandard11, >= netstandard13
      System.Diagnostics.Tracing (>= 4.1) - framework: netstandard11, >= netstandard13
      System.Reflection (>= 4.1) - framework: netstandard11, >= netstandard13
      System.Runtime (>= 4.1) - framework: netstandard11, >= netstandard13
      System.Threading (>= 4.0.11) - framework: netstandard11, >= netstandard13
    System.Diagnostics.Tools (4.0.1) - framework: >= netstandard16
      Microsoft.NETCore.Platforms (>= 1.0.1) - framework: dnxcore50, >= netstandard10
      Microsoft.NETCore.Targets (>= 1.0.1) - framework: dnxcore50, >= netstandard10
      System.Runtime (>= 4.1) - framework: dnxcore50, >= netstandard10
    System.Diagnostics.Tracing (4.1) - framework: >= net463, >= netstandard16
      Microsoft.NETCore.Platforms (>= 1.0.1) - framework: dnxcore50, netstandard11, netstandard12, netstandard13, >= netstandard15
      Microsoft.NETCore.Targets (>= 1.0.1) - framework: dnxcore50, netstandard11, netstandard12, netstandard13, >= netstandard15
      System.Runtime (>= 4.1) - framework: dnxcore50, netstandard11, netstandard12, netstandard13, >= netstandard15
    System.Globalization (4.0.11) - framework: >= netstandard10
      Microsoft.NETCore.Platforms (>= 1.0.1) - framework: dnxcore50, netstandard10, >= netstandard13
      Microsoft.NETCore.Targets (>= 1.0.1) - framework: dnxcore50, netstandard10, >= netstandard13
      System.Runtime (>= 4.1) - framework: dnxcore50, netstandard10, >= netstandard13
    System.Globalization.Calendars (4.0.1) - framework: >= net463, >= netstandard16
      Microsoft.NETCore.Platforms (>= 1.0.1) - framework: >= netstandard13
      Microsoft.NETCore.Targets (>= 1.0.1) - framework: >= netstandard13
      System.Globalization (>= 4.0.11) - framework: >= netstandard13
      System.Runtime (>= 4.1) - framework: >= netstandard13
    System.Globalization.Extensions (4.0.1) - framework: >= netstandard16
      Microsoft.NETCore.Platforms (>= 1.0.1) - framework: >= netstandard13
      System.Globalization (>= 4.0.11) - framework: >= netstandard13
      System.Resources.ResourceManager (>= 4.0.1) - framework: >= netstandard13
      System.Runtime (>= 4.1) - framework: >= netstandard13
      System.Runtime.Extensions (>= 4.1) - framework: >= netstandard13
      System.Runtime.InteropServices (>= 4.1) - framework: >= netstandard13
    System.IO (4.1) - framework: >= net463, netstandard10, netstandard11, >= netstandard11, netstandard13, >= netstandard13, >= netstandard15
      Microsoft.NETCore.Platforms (>= 1.0.1) - framework: dnxcore50, netstandard10, netstandard13, >= netstandard15
      Microsoft.NETCore.Targets (>= 1.0.1) - framework: dnxcore50, netstandard10, netstandard13, >= netstandard15
      System.Runtime (>= 4.1) - framework: dnxcore50, netstandard10, netstandard13, >= netstandard15
      System.Text.Encoding (>= 4.0.11) - framework: dnxcore50, netstandard10, netstandard13, >= netstandard15
      System.Threading.Tasks (>= 4.0.11) - framework: dnxcore50, netstandard10, netstandard13, >= netstandard15
    System.IO.Compression (4.1) - framework: >= net463, >= netstandard11, >= netstandard16
      Microsoft.NETCore.Platforms (>= 1.0.1) - framework: >= netstandard13
      runtime.native.System (>= 4.0) - framework: >= netstandard13
      runtime.native.System.IO.Compression (>= 4.1) - framework: >= netstandard13
      System.Collections (>= 4.0.11) - framework: >= netstandard13
      System.Diagnostics.Debug (>= 4.0.11) - framework: >= netstandard13
      System.IO (>= 4.1) - framework: dnxcore50, netstandard11, >= netstandard13
      System.Resources.ResourceManager (>= 4.0.1) - framework: >= netstandard13
      System.Runtime (>= 4.1) - framework: dnxcore50, netstandard11, >= netstandard13
      System.Runtime.Extensions (>= 4.1) - framework: >= netstandard13
      System.Runtime.Handles (>= 4.0.1) - framework: >= netstandard13
      System.Runtime.InteropServices (>= 4.1) - framework: >= netstandard13
      System.Text.Encoding (>= 4.0.11) - framework: dnxcore50, netstandard11, >= netstandard13
      System.Threading (>= 4.0.11) - framework: >= netstandard13
      System.Threading.Tasks (>= 4.0.11) - framework: dnxcore50, >= netstandard13
    System.IO.Compression.ZipFile (4.0.1) - framework: >= net463, >= netstandard16
      System.Buffers (>= 4.0) - framework: >= netstandard13
      System.IO (>= 4.1) - framework: >= netstandard13
      System.IO.Compression (>= 4.1) - framework: >= netstandard13
      System.IO.FileSystem (>= 4.0.1) - framework: >= netstandard13
      System.IO.FileSystem.Primitives (>= 4.0.1) - framework: >= netstandard13
      System.Resources.ResourceManager (>= 4.0.1) - framework: >= netstandard13
      System.Runtime (>= 4.1) - framework: >= netstandard13
      System.Runtime.Extensions (>= 4.1) - framework: >= netstandard13
      System.Text.Encoding (>= 4.0.11) - framework: >= netstandard13
    System.IO.FileSystem (4.0.1) - framework: >= net463, >= netstandard16
      Microsoft.NETCore.Platforms (>= 1.0.1) - framework: >= netstandard13
      Microsoft.NETCore.Targets (>= 1.0.1) - framework: >= netstandard13
      System.IO (>= 4.1) - framework: >= netstandard13
      System.IO.FileSystem.Primitives (>= 4.0.1) - framework: >= net46, >= netstandard13
      System.Runtime (>= 4.1) - framework: >= netstandard13
      System.Runtime.Handles (>= 4.0.1) - framework: >= netstandard13
      System.Text.Encoding (>= 4.0.11) - framework: >= netstandard13
      System.Threading.Tasks (>= 4.0.11) - framework: >= netstandard13
    System.IO.FileSystem.Primitives (4.0.1) - framework: >= net463, >= netstandard16
      System.Runtime (>= 4.1) - framework: >= netstandard13
    System.Linq (4.1) - framework: >= netstandard10
      System.Collections (>= 4.0.11) - framework: dnxcore50, netstandard10, >= netstandard16
      System.Diagnostics.Debug (>= 4.0.11) - framework: dnxcore50, >= netstandard16
      System.Resources.ResourceManager (>= 4.0.1) - framework: dnxcore50, >= netstandard16
      System.Runtime (>= 4.1) - framework: dnxcore50, netstandard10, >= netstandard16
      System.Runtime.Extensions (>= 4.1) - framework: dnxcore50, >= netstandard16
    System.Linq.Expressions (4.1) - framework: >= net463, >= netstandard16
      System.Collections (>= 4.0.11) - framework: dnxcore50, >= netstandard16
      System.Diagnostics.Debug (>= 4.0.11) - framework: dnxcore50, >= netstandard16
      System.Globalization (>= 4.0.11) - framework: dnxcore50, >= netstandard16
      System.IO (>= 4.1) - framework: dnxcore50, >= netstandard16
      System.Linq (>= 4.1) - framework: dnxcore50, >= netstandard16
      System.ObjectModel (>= 4.0.12) - framework: >= netstandard16
      System.Reflection (>= 4.1) - framework: dnxcore50, netstandard10, netstandard13, >= netstandard16
      System.Reflection.Emit (>= 4.0.1) - framework: >= netstandard16
      System.Reflection.Emit.ILGeneration (>= 4.0.1) - framework: dnxcore50, >= netstandard16
      System.Reflection.Emit.Lightweight (>= 4.0.1) - framework: dnxcore50, >= netstandard16
      System.Reflection.Extensions (>= 4.0.1) - framework: dnxcore50, >= netstandard16
      System.Reflection.Primitives (>= 4.0.1) - framework: dnxcore50, >= netstandard16
      System.Reflection.TypeExtensions (>= 4.1) - framework: dnxcore50, >= netstandard16
      System.Resources.ResourceManager (>= 4.0.1) - framework: dnxcore50, >= netstandard16
      System.Runtime (>= 4.1) - framework: dnxcore50, netstandard10, netstandard13, >= netstandard16
      System.Runtime.Extensions (>= 4.1) - framework: dnxcore50, >= netstandard16
      System.Threading (>= 4.0.11) - framework: dnxcore50, >= netstandard16
    System.Linq.Queryable (4.0.1) - framework: >= net463, >= netstandard16
      System.Collections (>= 4.0.11) - framework: dnxcore50, >= netstandard13
      System.Diagnostics.Debug (>= 4.0.11) - framework: dnxcore50, >= netstandard13
      System.Linq (>= 4.1) - framework: dnxcore50, netstandard10, >= netstandard13
      System.Linq.Expressions (>= 4.1) - framework: dnxcore50, netstandard10, >= netstandard13
      System.Reflection (>= 4.1) - framework: dnxcore50, >= netstandard13
      System.Reflection.Extensions (>= 4.0.1) - framework: dnxcore50, >= netstandard13
      System.Resources.ResourceManager (>= 4.0.1) - framework: dnxcore50, >= netstandard13
      System.Runtime (>= 4.1) - framework: dnxcore50, netstandard10, >= netstandard13
    System.Net.Http (4.1) - framework: >= net463, >= netstandard16
      Microsoft.NETCore.Platforms (>= 1.0.1) - framework: dnxcore50, netstandard13, >= netstandard16
      Microsoft.Win32.Primitives (>= 4.0.1) - framework: >= net46, netstandard13
      runtime.native.System (>= 4.0) - framework: >= netstandard16
      runtime.native.System.Net.Http (>= 4.0.1) - framework: >= netstandard16
      runtime.native.System.Security.Cryptography (>= 4.0) - framework: >= netstandard16
      System.Collections (>= 4.0.11) - framework: dnxcore50, netstandard13, >= netstandard16
      System.Diagnostics.Debug (>= 4.0.11) - framework: dnxcore50, netstandard13, >= netstandard16
      System.Diagnostics.DiagnosticSource (>= 4.0) - framework: >= net46, dnxcore50, netstandard13, >= netstandard16
      System.Diagnostics.Tracing (>= 4.1) - framework: dnxcore50, netstandard13, >= netstandard16
      System.Globalization (>= 4.0.11) - framework: dnxcore50, netstandard13, >= netstandard16
      System.Globalization.Extensions (>= 4.0.1) - framework: >= netstandard16
      System.IO (>= 4.1) - framework: dnxcore50, netstandard11, netstandard13, >= netstandard16
      System.IO.FileSystem (>= 4.0.1) - framework: >= netstandard16
      System.Net.Primitives (>= 4.0.11) - framework: dnxcore50, netstandard11, netstandard13, >= netstandard16
      System.Resources.ResourceManager (>= 4.0.1) - framework: dnxcore50, netstandard13, >= netstandard16
      System.Runtime (>= 4.1) - framework: dnxcore50, netstandard11, netstandard13, >= netstandard16
      System.Runtime.Extensions (>= 4.1) - framework: dnxcore50, netstandard13, >= netstandard16
      System.Runtime.Handles (>= 4.0.1) - framework: netstandard13, >= netstandard16
      System.Runtime.InteropServices (>= 4.1) - framework: dnxcore50, netstandard13, >= netstandard16
      System.Security.Cryptography.Algorithms (>= 4.2) - framework: >= netstandard16
      System.Security.Cryptography.Encoding (>= 4.0) - framework: >= netstandard16
      System.Security.Cryptography.OpenSsl (>= 4.0) - framework: >= netstandard16
      System.Security.Cryptography.Primitives (>= 4.0) - framework: >= netstandard16
      System.Security.Cryptography.X509Certificates (>= 4.1) - framework: >= net46, dnxcore50, netstandard13, >= netstandard16
      System.Text.Encoding (>= 4.0.11) - framework: dnxcore50, netstandard11, netstandard13, >= netstandard16
      System.Threading (>= 4.0.11) - framework: dnxcore50, netstandard13, >= netstandard16
      System.Threading.Tasks (>= 4.0.11) - framework: dnxcore50, netstandard11, netstandard13, >= netstandard16
    System.Net.Primitives (4.0.11) - framework: >= netstandard16
      Microsoft.NETCore.Platforms (>= 1.0.1) - framework: dnxcore50, netstandard10, netstandard11, >= netstandard13
      Microsoft.NETCore.Targets (>= 1.0.1) - framework: dnxcore50, netstandard10, netstandard11, >= netstandard13
      System.Runtime (>= 4.1) - framework: dnxcore50, netstandard10, netstandard11, >= netstandard13
      System.Runtime.Handles (>= 4.0.1) - framework: dnxcore50, >= netstandard13
    System.Net.Requests (4.0.11) - framework: >= net463, >= netstandard16
      Microsoft.NETCore.Platforms (>= 1.0.1) - framework: >= netstandard13
      System.Collections (>= 4.0.11) - framework: >= netstandard13
      System.Diagnostics.Debug (>= 4.0.11) - framework: >= netstandard13
      System.Diagnostics.Tracing (>= 4.1) - framework: >= netstandard13
      System.Globalization (>= 4.0.11) - framework: >= netstandard13
      System.IO (>= 4.1) - framework: dnxcore50, netstandard10, netstandard11, >= netstandard13
      System.Net.Http (>= 4.1) - framework: >= netstandard13
      System.Net.Primitives (>= 4.0.11) - framework: dnxcore50, netstandard10, netstandard11, >= netstandard13
      System.Net.WebHeaderCollection (>= 4.0.1) - framework: dnxcore50, >= netstandard13
      System.Resources.ResourceManager (>= 4.0.1) - framework: >= netstandard13
      System.Runtime (>= 4.1) - framework: dnxcore50, netstandard10, netstandard11, >= netstandard13
      System.Threading (>= 4.0.11) - framework: >= netstandard13
      System.Threading.Tasks (>= 4.0.11) - framework: dnxcore50, netstandard11, >= netstandard13
    System.Net.Sockets (4.1) - framework: >= net463, >= netstandard16
      Microsoft.NETCore.Platforms (>= 1.0.1) - framework: >= netstandard13
      Microsoft.NETCore.Targets (>= 1.0.1) - framework: >= netstandard13
      System.IO (>= 4.1) - framework: >= netstandard13
      System.Net.Primitives (>= 4.0.11) - framework: >= netstandard13
      System.Runtime (>= 4.1) - framework: >= netstandard13
      System.Threading.Tasks (>= 4.0.11) - framework: >= netstandard13
    System.Net.WebHeaderCollection (4.0.1) - framework: >= netstandard16
      System.Collections (>= 4.0.11) - framework: >= netstandard13
      System.Resources.ResourceManager (>= 4.0.1) - framework: >= netstandard13
      System.Runtime (>= 4.1) - framework: >= netstandard13
      System.Runtime.Extensions (>= 4.1) - framework: >= netstandard13
    System.ObjectModel (4.0.12) - framework: >= netstandard16
      System.Collections (>= 4.0.11) - framework: dnxcore50, >= netstandard13
      System.Diagnostics.Debug (>= 4.0.11) - framework: dnxcore50, >= netstandard13
      System.Resources.ResourceManager (>= 4.0.1) - framework: dnxcore50, >= netstandard13
      System.Runtime (>= 4.1) - framework: dnxcore50, netstandard10, >= netstandard13
      System.Threading (>= 4.0.11) - framework: dnxcore50, >= netstandard13
    System.Reflection (4.1) - framework: >= net463, >= netstandard10, netstandard11, >= netstandard11, netstandard12, netstandard13, >= netstandard15
      Microsoft.NETCore.Platforms (>= 1.0.1) - framework: dnxcore50, netstandard10, netstandard13, >= netstandard15
      Microsoft.NETCore.Targets (>= 1.0.1) - framework: dnxcore50, netstandard10, netstandard13, >= netstandard15
      System.IO (>= 4.1) - framework: dnxcore50, netstandard10, netstandard13, >= netstandard15
      System.Reflection.Primitives (>= 4.0.1) - framework: dnxcore50, netstandard10, netstandard13, >= netstandard15
      System.Runtime (>= 4.1) - framework: dnxcore50, netstandard10, netstandard13, >= netstandard15
    System.Reflection.Emit (4.0.1) - framework: >= net463, >= netstandard16
      System.IO (>= 4.1) - framework: >= netstandard11
      System.Reflection (>= 4.1) - framework: >= netstandard11
      System.Reflection.Emit.ILGeneration (>= 4.0.1) - framework: >= netstandard11, monotouch, xamarinios
      System.Reflection.Primitives (>= 4.0.1) - framework: >= netstandard11
      System.Runtime (>= 4.1) - framework: >= netstandard11
    System.Reflection.Emit.ILGeneration (4.0.1) - framework: >= netstandard16
      System.Reflection (>= 4.1) - framework: >= netstandard10
      System.Reflection.Primitives (>= 4.0.1) - framework: >= netstandard10
      System.Runtime (>= 4.1) - framework: >= netstandard10
    System.Reflection.Emit.Lightweight (4.0.1) - framework: >= netstandard16
      System.Reflection (>= 4.1) - framework: >= netstandard10
      System.Reflection.Emit.ILGeneration (>= 4.0.1) - framework: >= netstandard10, monoandroid, monotouch, xamarinios, xamarinmac
      System.Reflection.Primitives (>= 4.0.1) - framework: >= netstandard10
      System.Runtime (>= 4.1) - framework: >= netstandard10
    System.Reflection.Extensions (4.0.1) - framework: >= netstandard11
      Microsoft.NETCore.Platforms (>= 1.0.1) - framework: dnxcore50, >= netstandard10
      Microsoft.NETCore.Targets (>= 1.0.1) - framework: dnxcore50, >= netstandard10
      System.Reflection (>= 4.1) - framework: dnxcore50, >= netstandard10
      System.Runtime (>= 4.1) - framework: dnxcore50, >= netstandard10
    System.Reflection.Metadata (1.4.1-beta-24430-01)
      System.Collections (>= 4.0.11) - framework: >= netstandard11
      System.Collections.Immutable (>= 1.1.37) - framework: portable-net45+win8
      System.Collections.Immutable (>= 1.2) - framework: >= net45, >= netstandard11, monoandroid, monotouch, xamarinios, xamarinmac, winv4.5, wpav8.1
      System.Diagnostics.Debug (>= 4.0.11) - framework: >= netstandard11
      System.IO (>= 4.1) - framework: >= netstandard11
      System.IO.Compression (>= 4.1) - framework: >= netstandard11
      System.Linq (>= 4.1) - framework: >= netstandard11
      System.Reflection (>= 4.1) - framework: >= netstandard11
      System.Reflection.Extensions (>= 4.0.1) - framework: >= netstandard11
      System.Reflection.Primitives (>= 4.0.1) - framework: >= netstandard11
      System.Resources.ResourceManager (>= 4.0.1) - framework: >= netstandard11
      System.Runtime (>= 4.1) - framework: >= netstandard11
      System.Runtime.Extensions (>= 4.1) - framework: >= netstandard11
      System.Runtime.InteropServices (>= 4.1) - framework: >= netstandard11
      System.Text.Encoding (>= 4.0.11) - framework: >= netstandard11
      System.Text.Encoding.Extensions (>= 4.0.11) - framework: >= netstandard11
      System.Threading (>= 4.0.11) - framework: >= netstandard11
    System.Reflection.Primitives (4.0.1) - framework: >= netstandard10
      Microsoft.NETCore.Platforms (>= 1.0.1) - framework: dnxcore50, >= netstandard10
      Microsoft.NETCore.Targets (>= 1.0.1) - framework: dnxcore50, >= netstandard10
      System.Runtime (>= 4.1) - framework: dnxcore50, >= netstandard10
    System.Reflection.TypeExtensions (4.1) - framework: >= net463, >= netstandard16
      System.Reflection (>= 4.1) - framework: >= net462, dnxcore50, netstandard13, >= netstandard15
      System.Runtime (>= 4.1) - framework: dnxcore50, netstandard13, >= netstandard15
    System.Resources.ResourceManager (4.0.1) - framework: >= netstandard10
      Microsoft.NETCore.Platforms (>= 1.0.1) - framework: dnxcore50, >= netstandard10
      Microsoft.NETCore.Targets (>= 1.0.1) - framework: dnxcore50, >= netstandard10
      System.Globalization (>= 4.0.11) - framework: dnxcore50, >= netstandard10
      System.Reflection (>= 4.1) - framework: dnxcore50, >= netstandard10
      System.Runtime (>= 4.1) - framework: dnxcore50, >= netstandard10
    System.Runtime (4.1) - framework: >= net463, netstandard10, >= netstandard10, netstandard11, >= netstandard11, netstandard12, netstandard13, >= netstandard13, >= netstandard15
      Microsoft.NETCore.Platforms (>= 1.0.1) - framework: dnxcore50, netstandard10, netstandard12, netstandard13, >= netstandard15
      Microsoft.NETCore.Targets (>= 1.0.1) - framework: dnxcore50, netstandard10, netstandard12, netstandard13, >= netstandard15
    System.Runtime.Extensions (4.1) - framework: >= netstandard10
      Microsoft.NETCore.Platforms (>= 1.0.1) - framework: dnxcore50, netstandard10, netstandard13, >= netstandard15
      Microsoft.NETCore.Targets (>= 1.0.1) - framework: dnxcore50, netstandard10, netstandard13, >= netstandard15
      System.Runtime (>= 4.1) - framework: dnxcore50, netstandard10, netstandard13, >= netstandard15
    System.Runtime.Handles (4.0.1) - framework: >= net463, netstandard13, >= netstandard13, >= netstandard15
      Microsoft.NETCore.Platforms (>= 1.0.1) - framework: >= netstandard13
      Microsoft.NETCore.Targets (>= 1.0.1) - framework: >= netstandard13
      System.Runtime (>= 4.1) - framework: >= netstandard13
    System.Runtime.InteropServices (4.1) - framework: >= net463, >= netstandard11, >= netstandard13, >= netstandard16
      Microsoft.NETCore.Platforms (>= 1.0.1) - framework: dnxcore50, netstandard11, netstandard12, netstandard13, >= netstandard15
      Microsoft.NETCore.Targets (>= 1.0.1) - framework: dnxcore50, netstandard11, netstandard12, netstandard13, >= netstandard15
      System.Reflection (>= 4.1) - framework: dnxcore50, netstandard11, netstandard12, netstandard13, >= netstandard15
      System.Reflection.Primitives (>= 4.0.1) - framework: dnxcore50, netstandard11, netstandard12, netstandard13, >= netstandard15
      System.Runtime (>= 4.1) - framework: >= net462, dnxcore50, netstandard11, netstandard12, netstandard13, >= netstandard15
      System.Runtime.Handles (>= 4.0.1) - framework: dnxcore50, netstandard13, >= netstandard15
    System.Runtime.InteropServices.RuntimeInformation (4.0) - framework: >= net463, >= netstandard16
      Microsoft.NETCore.Platforms (>= 1.0.1) - framework: dnxcore50, >= netstandard11
      runtime.native.System (>= 4.0) - framework: >= netstandard11
      System.Reflection (>= 4.1) - framework: dnxcore50, >= netstandard11
      System.Resources.ResourceManager (>= 4.0.1) - framework: dnxcore50, >= netstandard11
      System.Runtime (>= 4.1) - framework: dnxcore50, >= netstandard11
      System.Runtime.InteropServices (>= 4.1) - framework: >= netstandard11
      System.Threading (>= 4.0.11) - framework: dnxcore50, >= netstandard11
    System.Runtime.Loader (4.0) - framework: >= net463, >= netstandard16
      System.IO (>= 4.1) - framework: >= netstandard15
      System.Reflection (>= 4.1) - framework: >= netstandard15
      System.Runtime (>= 4.1) - framework: >= netstandard15
    System.Runtime.Numerics (4.0.1) - framework: >= net463, >= netstandard16
      System.Globalization (>= 4.0.11) - framework: dnxcore50, >= netstandard13
      System.Resources.ResourceManager (>= 4.0.1) - framework: dnxcore50, >= netstandard13
      System.Runtime (>= 4.1) - framework: dnxcore50, netstandard11, >= netstandard13
      System.Runtime.Extensions (>= 4.1) - framework: dnxcore50, >= netstandard13
    System.Security.Cryptography.Algorithms (4.2) - framework: >= net463, >= netstandard16
      Microsoft.NETCore.Platforms (>= 1.0.1) - framework: dnxcore50, >= netstandard16
      runtime.native.System.Security.Cryptography (>= 4.0) - framework: >= netstandard16
      System.Collections (>= 4.0.11) - framework: >= netstandard16
      System.IO (>= 4.1) - framework: >= net463, dnxcore50, netstandard13, netstandard14, >= netstandard16
      System.Resources.ResourceManager (>= 4.0.1) - framework: dnxcore50, >= netstandard16
      System.Runtime (>= 4.1) - framework: >= net463, dnxcore50, netstandard13, netstandard14, >= netstandard16
      System.Runtime.Extensions (>= 4.1) - framework: dnxcore50, >= netstandard16
      System.Runtime.Handles (>= 4.0.1) - framework: dnxcore50, >= netstandard16
      System.Runtime.InteropServices (>= 4.1) - framework: dnxcore50, >= netstandard16
      System.Runtime.Numerics (>= 4.0.1) - framework: >= netstandard16
      System.Security.Cryptography.Encoding (>= 4.0) - framework: >= net463, dnxcore50, >= netstandard16
      System.Security.Cryptography.Primitives (>= 4.0) - framework: net46, net461, >= net463, dnxcore50, netstandard13, netstandard14, >= netstandard16
      System.Text.Encoding (>= 4.0.11) - framework: dnxcore50, >= netstandard16
    System.Security.Cryptography.Cng (4.2) - framework: >= netstandard16
      Microsoft.NETCore.Platforms (>= 1.0.1) - framework: netstandard14, >= netstandard16
      System.IO (>= 4.1) - framework: netstandard13, netstandard14, >= netstandard16
      System.Resources.ResourceManager (>= 4.0.1) - framework: netstandard14, >= netstandard16
      System.Runtime (>= 4.1) - framework: netstandard13, netstandard14, >= netstandard16
      System.Runtime.Extensions (>= 4.1) - framework: netstandard14, >= netstandard16
      System.Runtime.Handles (>= 4.0.1) - framework: netstandard13, netstandard14, >= netstandard16
      System.Runtime.InteropServices (>= 4.1) - framework: netstandard14, >= netstandard16
      System.Security.Cryptography.Algorithms (>= 4.2) - framework: net46, net461, >= net463, netstandard13, netstandard14, >= netstandard16
      System.Security.Cryptography.Encoding (>= 4.0) - framework: netstandard14, >= netstandard16
      System.Security.Cryptography.Primitives (>= 4.0) - framework: net46, net461, >= net463, netstandard13, netstandard14, >= netstandard16
      System.Text.Encoding (>= 4.0.11) - framework: netstandard14, >= netstandard16
    System.Security.Cryptography.Csp (4.0) - framework: >= netstandard16
      Microsoft.NETCore.Platforms (>= 1.0.1) - framework: >= netstandard13
      System.IO (>= 4.1) - framework: >= netstandard13
      System.Reflection (>= 4.1) - framework: >= netstandard13
      System.Resources.ResourceManager (>= 4.0.1) - framework: >= netstandard13
      System.Runtime (>= 4.1) - framework: >= netstandard13
      System.Runtime.Extensions (>= 4.1) - framework: >= netstandard13
      System.Runtime.Handles (>= 4.0.1) - framework: >= netstandard13
      System.Runtime.InteropServices (>= 4.1) - framework: >= netstandard13
      System.Security.Cryptography.Algorithms (>= 4.2) - framework: >= net46, >= netstandard13
      System.Security.Cryptography.Encoding (>= 4.0) - framework: >= netstandard13
      System.Security.Cryptography.Primitives (>= 4.0) - framework: >= net46, >= netstandard13
      System.Text.Encoding (>= 4.0.11) - framework: >= netstandard13
      System.Threading (>= 4.0.11) - framework: >= netstandard13
    System.Security.Cryptography.Encoding (4.0) - framework: >= net463, >= netstandard16
      Microsoft.NETCore.Platforms (>= 1.0.1) - framework: >= netstandard13
      runtime.native.System.Security.Cryptography (>= 4.0) - framework: >= netstandard13
      System.Collections (>= 4.0.11) - framework: >= netstandard13
      System.Collections.Concurrent (>= 4.0.12) - framework: >= netstandard13
      System.Linq (>= 4.1) - framework: >= netstandard13
      System.Resources.ResourceManager (>= 4.0.1) - framework: >= netstandard13
      System.Runtime (>= 4.1) - framework: >= netstandard13
      System.Runtime.Extensions (>= 4.1) - framework: >= netstandard13
      System.Runtime.Handles (>= 4.0.1) - framework: >= netstandard13
      System.Runtime.InteropServices (>= 4.1) - framework: >= netstandard13
      System.Security.Cryptography.Primitives (>= 4.0) - framework: >= netstandard13
      System.Text.Encoding (>= 4.0.11) - framework: >= netstandard13
    System.Security.Cryptography.OpenSsl (4.0) - framework: >= netstandard16
      runtime.native.System.Security.Cryptography (>= 4.0)
      System.Collections (>= 4.0.11) - framework: >= netstandard16
      System.IO (>= 4.1) - framework: >= netstandard16
      System.Resources.ResourceManager (>= 4.0.1) - framework: >= netstandard16
      System.Runtime (>= 4.1) - framework: >= netstandard16
      System.Runtime.Extensions (>= 4.1) - framework: >= net463, >= netstandard16
      System.Runtime.Handles (>= 4.0.1) - framework: >= netstandard16
      System.Runtime.InteropServices (>= 4.1) - framework: >= netstandard16
      System.Runtime.Numerics (>= 4.0.1) - framework: >= netstandard16
      System.Security.Cryptography.Algorithms (>= 4.2) - framework: >= net463, >= netstandard16
      System.Security.Cryptography.Encoding (>= 4.0) - framework: >= net463, >= netstandard16
      System.Security.Cryptography.Primitives (>= 4.0) - framework: >= net463, >= netstandard16
      System.Text.Encoding (>= 4.0.11) - framework: >= netstandard16
    System.Security.Cryptography.Primitives (4.0) - framework: >= net463, >= netstandard16
      System.Diagnostics.Debug (>= 4.0.11) - framework: >= netstandard13
      System.Globalization (>= 4.0.11) - framework: >= netstandard13
      System.IO (>= 4.1) - framework: >= netstandard13
      System.Resources.ResourceManager (>= 4.0.1) - framework: >= netstandard13
      System.Runtime (>= 4.1) - framework: >= netstandard13
      System.Threading (>= 4.0.11) - framework: >= netstandard13
      System.Threading.Tasks (>= 4.0.11) - framework: >= netstandard13
    System.Security.Cryptography.X509Certificates (4.1) - framework: >= net463, >= netstandard16
      Microsoft.NETCore.Platforms (>= 1.0.1) - framework: dnxcore50, >= netstandard16
      runtime.native.System (>= 4.0) - framework: >= netstandard16
      runtime.native.System.Net.Http (>= 4.0.1) - framework: >= netstandard16
      runtime.native.System.Security.Cryptography (>= 4.0) - framework: >= netstandard16
      System.Collections (>= 4.0.11) - framework: dnxcore50, >= netstandard16
      System.Diagnostics.Debug (>= 4.0.11) - framework: >= netstandard16
      System.Globalization (>= 4.0.11) - framework: dnxcore50, >= netstandard16
      System.Globalization.Calendars (>= 4.0.1) - framework: dnxcore50, >= netstandard16
      System.IO (>= 4.1) - framework: dnxcore50, >= netstandard16
      System.IO.FileSystem (>= 4.0.1) - framework: dnxcore50, >= netstandard16
      System.IO.FileSystem.Primitives (>= 4.0.1) - framework: >= netstandard16
      System.Resources.ResourceManager (>= 4.0.1) - framework: dnxcore50, >= netstandard16
      System.Runtime (>= 4.1) - framework: dnxcore50, netstandard13, netstandard14, >= netstandard16
      System.Runtime.Extensions (>= 4.1) - framework: dnxcore50, >= netstandard16
      System.Runtime.Handles (>= 4.0.1) - framework: dnxcore50, netstandard13, netstandard14, >= netstandard16
      System.Runtime.InteropServices (>= 4.1) - framework: dnxcore50, >= netstandard16
      System.Runtime.Numerics (>= 4.0.1) - framework: dnxcore50, >= netstandard16
      System.Security.Cryptography.Algorithms (>= 4.2) - framework: net46, >= net461, dnxcore50, netstandard13, netstandard14, >= netstandard16
      System.Security.Cryptography.Cng (>= 4.2) - framework: dnxcore50, >= netstandard16
      System.Security.Cryptography.Csp (>= 4.0) - framework: >= netstandard16
      System.Security.Cryptography.Encoding (>= 4.0) - framework: net46, >= net461, dnxcore50, netstandard13, netstandard14, >= netstandard16
      System.Security.Cryptography.OpenSsl (>= 4.0) - framework: >= netstandard16
      System.Security.Cryptography.Primitives (>= 4.0) - framework: dnxcore50, >= netstandard16
      System.Text.Encoding (>= 4.0.11) - framework: dnxcore50, >= netstandard16
      System.Threading (>= 4.0.11) - framework: dnxcore50, >= netstandard16
    System.Text.Encoding (4.0.11) - framework: >= netstandard10
      Microsoft.NETCore.Platforms (>= 1.0.1) - framework: dnxcore50, netstandard10, >= netstandard13
      Microsoft.NETCore.Targets (>= 1.0.1) - framework: dnxcore50, netstandard10, >= netstandard13
      System.Runtime (>= 4.1) - framework: dnxcore50, netstandard10, >= netstandard13
    System.Text.Encoding.Extensions (4.0.11) - framework: >= netstandard11
      Microsoft.NETCore.Platforms (>= 1.0.1) - framework: dnxcore50, netstandard10, >= netstandard13
      Microsoft.NETCore.Targets (>= 1.0.1) - framework: dnxcore50, netstandard10, >= netstandard13
      System.Runtime (>= 4.1) - framework: dnxcore50, netstandard10, >= netstandard13
      System.Text.Encoding (>= 4.0.11) - framework: dnxcore50, netstandard10, >= netstandard13
    System.Text.RegularExpressions (4.1) - framework: >= netstandard16
      System.Collections (>= 4.0.11) - framework: dnxcore50, >= netstandard16
      System.Globalization (>= 4.0.11) - framework: dnxcore50, >= netstandard16
      System.Resources.ResourceManager (>= 4.0.1) - framework: dnxcore50, >= netstandard16
      System.Runtime (>= 4.1) - framework: dnxcore50, netstandard10, netstandard13, >= netstandard16
      System.Runtime.Extensions (>= 4.1) - framework: dnxcore50, >= netstandard16
      System.Threading (>= 4.0.11) - framework: dnxcore50, >= netstandard16
    System.Threading (4.0.11) - framework: >= netstandard10
      System.Runtime (>= 4.1) - framework: dnxcore50, netstandard10, >= netstandard13
      System.Threading.Tasks (>= 4.0.11) - framework: dnxcore50, netstandard10, >= netstandard13
    System.Threading.Tasks (4.0.11) - framework: netstandard10, >= netstandard13
      Microsoft.NETCore.Platforms (>= 1.0.1) - framework: dnxcore50, netstandard10, >= netstandard13
      Microsoft.NETCore.Targets (>= 1.0.1) - framework: dnxcore50, netstandard10, >= netstandard13
      System.Runtime (>= 4.1) - framework: dnxcore50, netstandard10, >= netstandard13
    System.Threading.Tasks.Extensions (4.0) - framework: >= netstandard16
      System.Collections (>= 4.0.11) - framework: >= netstandard10
      System.Runtime (>= 4.1) - framework: >= netstandard10
      System.Threading.Tasks (>= 4.0.11) - framework: >= netstandard10
    System.Threading.Tasks.Parallel (4.0.1) - framework: >= net463, >= netstandard16
      System.Collections.Concurrent (>= 4.0.12) - framework: dnxcore50, netstandard11, >= netstandard13
      System.Diagnostics.Debug (>= 4.0.11) - framework: dnxcore50, >= netstandard13
      System.Diagnostics.Tracing (>= 4.1) - framework: dnxcore50, >= netstandard13
      System.Resources.ResourceManager (>= 4.0.1) - framework: dnxcore50, >= netstandard13
      System.Runtime (>= 4.1) - framework: dnxcore50, netstandard11, >= netstandard13
      System.Runtime.Extensions (>= 4.1) - framework: dnxcore50, >= netstandard13
      System.Threading (>= 4.0.11) - framework: dnxcore50, >= netstandard13
      System.Threading.Tasks (>= 4.0.11) - framework: dnxcore50, netstandard11, >= netstandard13
    System.Threading.Thread (4.0) - framework: >= net463, >= netstandard16
      System.Runtime (>= 4.1) - framework: >= netstandard13
    System.Threading.ThreadPool (4.0.10) - framework: >= net463, >= netstandard16
      System.Runtime (>= 4.1) - framework: >= netstandard13
      System.Runtime.Handles (>= 4.0.1) - framework: >= netstandard13
    System.Threading.Timer (4.0.1) - framework: >= net463, >= netstandard16
      Microsoft.NETCore.Platforms (>= 1.0.1) - framework: dnxcore50, >= netstandard12
      Microsoft.NETCore.Targets (>= 1.0.1) - framework: dnxcore50, >= netstandard12
      System.Runtime (>= 4.1) - framework: dnxcore50, >= netstandard12
    System.Xml.ReaderWriter (4.0.11) - framework: >= netstandard16
      System.Collections (>= 4.0.11) - framework: dnxcore50, >= netstandard13
      System.Diagnostics.Debug (>= 4.0.11) - framework: dnxcore50, >= netstandard13
      System.Globalization (>= 4.0.11) - framework: dnxcore50, >= netstandard13
      System.IO (>= 4.1) - framework: dnxcore50, netstandard10, >= netstandard13
      System.IO.FileSystem (>= 4.0.1) - framework: dnxcore50, >= netstandard13
      System.IO.FileSystem.Primitives (>= 4.0.1) - framework: dnxcore50, >= netstandard13
      System.Resources.ResourceManager (>= 4.0.1) - framework: dnxcore50, >= netstandard13
      System.Runtime (>= 4.1) - framework: dnxcore50, netstandard10, >= netstandard13
      System.Runtime.Extensions (>= 4.1) - framework: dnxcore50, >= netstandard13
      System.Runtime.InteropServices (>= 4.1) - framework: dnxcore50, >= netstandard13
      System.Text.Encoding (>= 4.0.11) - framework: dnxcore50, netstandard10, >= netstandard13
      System.Text.Encoding.Extensions (>= 4.0.11) - framework: dnxcore50, >= netstandard13
      System.Text.RegularExpressions (>= 4.1) - framework: dnxcore50, >= netstandard13
      System.Threading.Tasks (>= 4.0.11) - framework: dnxcore50, netstandard10, >= netstandard13
      System.Threading.Tasks.Extensions (>= 4.0) - framework: dnxcore50, >= netstandard13
    System.Xml.XDocument (4.0.11) - framework: >= net463, >= netstandard16
      System.Collections (>= 4.0.11) - framework: dnxcore50, >= netstandard13
      System.Diagnostics.Debug (>= 4.0.11) - framework: dnxcore50, >= netstandard13
      System.Diagnostics.Tools (>= 4.0.1) - framework: dnxcore50, >= netstandard13
      System.Globalization (>= 4.0.11) - framework: dnxcore50, >= netstandard13
      System.IO (>= 4.1) - framework: dnxcore50, netstandard10, >= netstandard13
      System.Reflection (>= 4.1) - framework: dnxcore50, >= netstandard13
      System.Resources.ResourceManager (>= 4.0.1) - framework: dnxcore50, >= netstandard13
      System.Runtime (>= 4.1) - framework: dnxcore50, netstandard10, >= netstandard13
      System.Runtime.Extensions (>= 4.1) - framework: dnxcore50, >= netstandard13
      System.Text.Encoding (>= 4.0.11) - framework: dnxcore50, >= netstandard13
      System.Threading (>= 4.0.11) - framework: dnxcore50, >= netstandard13
      System.Xml.ReaderWriter (>= 4.0.11) - framework: dnxcore50, netstandard10, >= netstandard13
    YamlDotNet (4.0)

GROUP Build
NUGET
  remote: http://api.nuget.org/v3/index.json
    FAKE (4.41.6)
    FAKE.Lib (4.41.6)
    FAKE.Persimmon (1.0.4)
      FAKE.Lib (>= 4.1)
      Persimmon.Console (>= 1.0.2)
    FSharp.Compiler.Service (2.0.0.6)
    FSharp.Formatting (2.14.4)
      FSharp.Compiler.Service (2.0.0.6)
      FSharpVSPowerTools.Core (>= 2.3 < 2.4)
    FSharpApiSearch.Console (2.0)
    FSharpVSPowerTools.Core (2.3)
      FSharp.Compiler.Service (>= 2.0.0.3)
    KuduSync.NET (1.3)
    Microsoft.Bcl (1.1.10) - framework: net10, net11, net20, net30, net35, net40, net40-full
      Microsoft.Bcl.Build (>= 1.0.14)
    Microsoft.Bcl.Build (1.0.21) - import_targets: false, framework: net10, net11, net20, net30, net35, net40, net40-full
    Microsoft.Net.Http (2.2.29) - framework: net10, net11, net20, net30, net35, net40, net40-full
      Microsoft.Bcl (>= 1.1.10)
      Microsoft.Bcl.Build (>= 1.0.14)
    Node.js (5.3)
    Npm.js (2.13.1)
      Node.js (>= 0.12.7)
    Octokit (0.23)
      Microsoft.Net.Http  - framework: net10, net11, net20, net30, net35, net40, net40-full
    Persimmon.Console (1.2)
GITHUB
  remote: fsdn-projects/fsdn-logo
    favicon.ico (331db90c3e59bfb844bcf09b1bd1fb174d06e654)
    fsdn_mono.png (331db90c3e59bfb844bcf09b1bd1fb174d06e654)
  remote: fsharp/FAKE
    modules/Octokit/Octokit.fsx (eaaca41581957cd07e33f34a0a5baa6f39d5aa6a)
      Octokit (>= 0.20)
GROUP Database

HTTP
  remote: https://github.com
    FSDN.Database.zip (/fsdn-projects/FSDN.Database/releases/download/2016%2F10%2F21-060814/FSDN.Database.zip)
GROUP Doc
NUGET
  remote: http://api.nuget.org/v3/index.json
    FParsec (1.0.2)
    FSharp.Collections.ParallelSeq (1.0.2)
    FSharp.Compiler.Service (8.0)
      System.Collections.Immutable (>= 1.2)
      System.Reflection.Metadata (>= 1.4.1-beta-24227-04)
    FsPickler (3.2)
    Microsoft.NETCore.Platforms (1.0.1) - framework: >= netstandard10
    Microsoft.NETCore.Targets (1.0.1) - framework: >= netstandard10
    runtime.native.System (4.0) - framework: >= netstandard13
      Microsoft.NETCore.Platforms (>= 1.0.1)
      Microsoft.NETCore.Targets (>= 1.0.1)
    runtime.native.System.IO.Compression (4.1) - framework: >= netstandard13
      Microsoft.NETCore.Platforms (>= 1.0.1)
      Microsoft.NETCore.Targets (>= 1.0.1)
    System.Collections (4.0.11) - framework: >= netstandard10
      Microsoft.NETCore.Platforms (>= 1.0.1) - framework: dnxcore50, netstandard10, >= netstandard13
      Microsoft.NETCore.Targets (>= 1.0.1) - framework: dnxcore50, netstandard10, >= netstandard13
      System.Runtime (>= 4.1) - framework: dnxcore50, netstandard10, >= netstandard13
    System.Collections.Immutable (1.2)
      System.Collections (>= 4.0.11) - framework: >= netstandard10
      System.Diagnostics.Debug (>= 4.0.11) - framework: >= netstandard10
      System.Globalization (>= 4.0.11) - framework: >= netstandard10
      System.Linq (>= 4.1) - framework: >= netstandard10
      System.Resources.ResourceManager (>= 4.0.1) - framework: >= netstandard10
      System.Runtime (>= 4.1) - framework: >= netstandard10
      System.Runtime.Extensions (>= 4.1) - framework: >= netstandard10
      System.Threading (>= 4.0.11) - framework: >= netstandard10
    System.Diagnostics.Debug (4.0.11) - framework: >= netstandard10
      Microsoft.NETCore.Platforms (>= 1.0.1) - framework: dnxcore50, netstandard10, >= netstandard13
      Microsoft.NETCore.Targets (>= 1.0.1) - framework: dnxcore50, netstandard10, >= netstandard13
      System.Runtime (>= 4.1) - framework: dnxcore50, netstandard10, >= netstandard13
    System.Globalization (4.0.11) - framework: >= netstandard10
      Microsoft.NETCore.Platforms (>= 1.0.1) - framework: dnxcore50, netstandard10, >= netstandard13
      Microsoft.NETCore.Targets (>= 1.0.1) - framework: dnxcore50, netstandard10, >= netstandard13
      System.Runtime (>= 4.1) - framework: dnxcore50, netstandard10, >= netstandard13
    System.IO (4.1) - framework: >= netstandard10
      Microsoft.NETCore.Platforms (>= 1.0.1) - framework: dnxcore50, netstandard10, netstandard13, >= netstandard15
      Microsoft.NETCore.Targets (>= 1.0.1) - framework: dnxcore50, netstandard10, netstandard13, >= netstandard15
      System.Runtime (>= 4.1) - framework: dnxcore50, netstandard10, netstandard13, >= netstandard15
      System.Text.Encoding (>= 4.0.11) - framework: dnxcore50, netstandard10, netstandard13, >= netstandard15
      System.Threading.Tasks (>= 4.0.11) - framework: dnxcore50, netstandard10, netstandard13, >= netstandard15
    System.IO.Compression (4.1) - framework: >= netstandard11
      Microsoft.NETCore.Platforms (>= 1.0.1) - framework: >= netstandard13
      runtime.native.System (>= 4.0) - framework: >= netstandard13
      runtime.native.System.IO.Compression (>= 4.1) - framework: >= netstandard13
      System.Collections (>= 4.0.11) - framework: >= netstandard13
      System.Diagnostics.Debug (>= 4.0.11) - framework: >= netstandard13
      System.IO (>= 4.1) - framework: dnxcore50, netstandard11, >= netstandard13
      System.Resources.ResourceManager (>= 4.0.1) - framework: >= netstandard13
      System.Runtime (>= 4.1) - framework: dnxcore50, netstandard11, >= netstandard13
      System.Runtime.Extensions (>= 4.1) - framework: >= netstandard13
      System.Runtime.Handles (>= 4.0.1) - framework: >= netstandard13
      System.Runtime.InteropServices (>= 4.1) - framework: >= netstandard13
      System.Text.Encoding (>= 4.0.11) - framework: dnxcore50, netstandard11, >= netstandard13
      System.Threading (>= 4.0.11) - framework: >= netstandard13
      System.Threading.Tasks (>= 4.0.11) - framework: dnxcore50, >= netstandard13
    System.Linq (4.1) - framework: >= netstandard10
      System.Collections (>= 4.0.11) - framework: dnxcore50, netstandard10, >= netstandard16
      System.Diagnostics.Debug (>= 4.0.11) - framework: dnxcore50, >= netstandard16
      System.Resources.ResourceManager (>= 4.0.1) - framework: dnxcore50, >= netstandard16
      System.Runtime (>= 4.1) - framework: dnxcore50, netstandard10, >= netstandard16
      System.Runtime.Extensions (>= 4.1) - framework: dnxcore50, >= netstandard16
    System.Reflection (4.1) - framework: >= netstandard10
      Microsoft.NETCore.Platforms (>= 1.0.1) - framework: dnxcore50, netstandard10, netstandard13, >= netstandard15
      Microsoft.NETCore.Targets (>= 1.0.1) - framework: dnxcore50, netstandard10, netstandard13, >= netstandard15
      System.IO (>= 4.1) - framework: dnxcore50, netstandard10, netstandard13, >= netstandard15
      System.Reflection.Primitives (>= 4.0.1) - framework: dnxcore50, netstandard10, netstandard13, >= netstandard15
      System.Runtime (>= 4.1) - framework: dnxcore50, netstandard10, netstandard13, >= netstandard15
    System.Reflection.Extensions (4.0.1) - framework: >= netstandard11
      Microsoft.NETCore.Platforms (>= 1.0.1) - framework: dnxcore50, >= netstandard10
      Microsoft.NETCore.Targets (>= 1.0.1) - framework: dnxcore50, >= netstandard10
      System.Reflection (>= 4.1) - framework: dnxcore50, >= netstandard10
      System.Runtime (>= 4.1) - framework: dnxcore50, >= netstandard10
    System.Reflection.Metadata (1.4.1-beta-24430-01)
      System.Collections (>= 4.0.11) - framework: >= netstandard11
      System.Collections.Immutable (>= 1.1.37) - framework: portable-net45+win8
      System.Collections.Immutable (>= 1.2) - framework: >= net45, >= netstandard11, monoandroid, monotouch, xamarinios, xamarinmac, winv4.5, wpav8.1
      System.Diagnostics.Debug (>= 4.0.11) - framework: >= netstandard11
      System.IO (>= 4.1) - framework: >= netstandard11
      System.IO.Compression (>= 4.1) - framework: >= netstandard11
      System.Linq (>= 4.1) - framework: >= netstandard11
      System.Reflection (>= 4.1) - framework: >= netstandard11
      System.Reflection.Extensions (>= 4.0.1) - framework: >= netstandard11
      System.Reflection.Primitives (>= 4.0.1) - framework: >= netstandard11
      System.Resources.ResourceManager (>= 4.0.1) - framework: >= netstandard11
      System.Runtime (>= 4.1) - framework: >= netstandard11
      System.Runtime.Extensions (>= 4.1) - framework: >= netstandard11
      System.Runtime.InteropServices (>= 4.1) - framework: >= netstandard11
      System.Text.Encoding (>= 4.0.11) - framework: >= netstandard11
      System.Text.Encoding.Extensions (>= 4.0.11) - framework: >= netstandard11
      System.Threading (>= 4.0.11) - framework: >= netstandard11
    System.Reflection.Primitives (4.0.1) - framework: >= netstandard10
      Microsoft.NETCore.Platforms (>= 1.0.1) - framework: dnxcore50, >= netstandard10
      Microsoft.NETCore.Targets (>= 1.0.1) - framework: dnxcore50, >= netstandard10
      System.Runtime (>= 4.1) - framework: dnxcore50, >= netstandard10
    System.Resources.ResourceManager (4.0.1) - framework: >= netstandard10
      Microsoft.NETCore.Platforms (>= 1.0.1) - framework: dnxcore50, >= netstandard10
      Microsoft.NETCore.Targets (>= 1.0.1) - framework: dnxcore50, >= netstandard10
      System.Globalization (>= 4.0.11) - framework: dnxcore50, >= netstandard10
      System.Reflection (>= 4.1) - framework: dnxcore50, >= netstandard10
      System.Runtime (>= 4.1) - framework: dnxcore50, >= netstandard10
    System.Runtime (4.1) - framework: >= netstandard10
      Microsoft.NETCore.Platforms (>= 1.0.1) - framework: dnxcore50, netstandard10, netstandard12, netstandard13, >= netstandard15
      Microsoft.NETCore.Targets (>= 1.0.1) - framework: dnxcore50, netstandard10, netstandard12, netstandard13, >= netstandard15
    System.Runtime.Extensions (4.1) - framework: >= netstandard10
      Microsoft.NETCore.Platforms (>= 1.0.1) - framework: dnxcore50, netstandard10, netstandard13, >= netstandard15
      Microsoft.NETCore.Targets (>= 1.0.1) - framework: dnxcore50, netstandard10, netstandard13, >= netstandard15
      System.Runtime (>= 4.1) - framework: dnxcore50, netstandard10, netstandard13, >= netstandard15
    System.Runtime.Handles (4.0.1) - framework: >= netstandard13
      Microsoft.NETCore.Platforms (>= 1.0.1) - framework: >= netstandard13
      Microsoft.NETCore.Targets (>= 1.0.1) - framework: >= netstandard13
      System.Runtime (>= 4.1) - framework: >= netstandard13
    System.Runtime.InteropServices (4.1) - framework: >= netstandard11
      Microsoft.NETCore.Platforms (>= 1.0.1) - framework: dnxcore50, netstandard11, netstandard12, netstandard13, >= netstandard15
      Microsoft.NETCore.Targets (>= 1.0.1) - framework: dnxcore50, netstandard11, netstandard12, netstandard13, >= netstandard15
      System.Reflection (>= 4.1) - framework: dnxcore50, netstandard11, netstandard12, netstandard13, >= netstandard15
      System.Reflection.Primitives (>= 4.0.1) - framework: dnxcore50, netstandard11, netstandard12, netstandard13, >= netstandard15
      System.Runtime (>= 4.1) - framework: >= net462, dnxcore50, netstandard11, netstandard12, netstandard13, >= netstandard15
      System.Runtime.Handles (>= 4.0.1) - framework: dnxcore50, netstandard13, >= netstandard15
    System.Text.Encoding (4.0.11) - framework: >= netstandard10
      Microsoft.NETCore.Platforms (>= 1.0.1) - framework: dnxcore50, netstandard10, >= netstandard13
      Microsoft.NETCore.Targets (>= 1.0.1) - framework: dnxcore50, netstandard10, >= netstandard13
      System.Runtime (>= 4.1) - framework: dnxcore50, netstandard10, >= netstandard13
    System.Text.Encoding.Extensions (4.0.11) - framework: >= netstandard11
      Microsoft.NETCore.Platforms (>= 1.0.1) - framework: dnxcore50, netstandard10, >= netstandard13
      Microsoft.NETCore.Targets (>= 1.0.1) - framework: dnxcore50, netstandard10, >= netstandard13
      System.Runtime (>= 4.1) - framework: dnxcore50, netstandard10, >= netstandard13
      System.Text.Encoding (>= 4.0.11) - framework: dnxcore50, netstandard10, >= netstandard13
    System.Threading (4.0.11) - framework: >= netstandard10
      System.Runtime (>= 4.1) - framework: dnxcore50, netstandard10, >= netstandard13
      System.Threading.Tasks (>= 4.0.11) - framework: dnxcore50, netstandard10, >= netstandard13
    System.Threading.Tasks (4.0.11) - framework: netstandard10, >= netstandard13
      Microsoft.NETCore.Platforms (>= 1.0.1) - framework: dnxcore50, netstandard10, >= netstandard13
      Microsoft.NETCore.Targets (>= 1.0.1) - framework: dnxcore50, netstandard10, >= netstandard13
      System.Runtime (>= 4.1) - framework: dnxcore50, netstandard10, >= netstandard13
GITHUB
  remote: hafuu/FSharpApiSearch
    README.md (6abc0a5289a22952dff9ea25afe5d247407c7eba)
      FParsec (>= 1.0.2)
      FSharp.Collections.ParallelSeq (>= 1.0.2)
      FSharp.Compiler.Service (>= 6.0)
      FsPickler (>= 3.0)
GROUP Test
NUGET
  remote: http://api.nuget.org/v3/index.json
    Persimmon (1.2)
