NUGET
  remote: http://api.nuget.org/v3/index.json
    Argu (3.1)
    FParsec (1.0.2)
    FSharp.Compiler.Service (5.0)
    FSharp.Core (4.0.0.1)
    FSharp.Data (2.3.1)
      Zlib.Portable (>= 1.11) - framework: portable-net45+sl5+win8, portable-net45+win8, portable-net45+win8+wp8+wpa81
    FsPickler (2.3)
    FsUnit (2.3.1)
      FSharp.Core (>= 3.1.2.5)
      NUnit (3.4.1)
    NUnit (3.4.1)
    Zlib.Portable (1.11) - framework: portable-net45+sl5+win8, portable-net45+win8, portable-net45+win8+wp8+wpa81
