RESTRICTION: == net47
NUGET
  remote: https://api.nuget.org/v3/index.json
    Argu (5.0.1)
      FSharp.Core (>= 4.0.0.1)
    ExtCore (0.8.46)
    FAKE.Lib (4.64.4)
    FParsec (1.0.3)
      FSharp.Core (>= 4.0.0.1)
    FSharp.Collections.ParallelSeq (1.0.2)
    FSharp.Compiler.Service (17.0.1)
      System.Collections.Immutable (>= 1.3.1)
      System.Reflection.Metadata (>= 1.4.2)
    FSharp.Control.AsyncSeq (2.0.20)
      FSharp.Core (>= 3.1.2)
      System.ValueTuple (>= 4.4)
    FSharp.Control.Reactive (3.5)
      System.Reactive (>= 3.0)
    FSharp.Core (4.3.4)
    FSharp.Data (2.4.4)
    FSharp.ViewModule.Core (1.0.7)
      FSharp.Core
    FsPickler (5.1)
      FSharp.Core (>= 3.1.2)
    FsUnit (3.0)
      FSharp.Core (>= 3.1.2.5)
      NUnit (>= 3.6)
    Microsoft.NETCore.Platforms (2.0.1)
    NETStandard.Library (2.0.1)
      Microsoft.NETCore.Platforms (>= 1.1)
    Newtonsoft.Json (10.0.3)
    NUnit (3.9)
    Suave (2.2.1)
      FSharp.Core (>= 4.0.0.1)
    Suave.Experimental (2.2.1)
      FSharp.Core (>= 4.0.0.1)
      Suave (>= 2.2.1)
    System.Collections.Immutable (1.4)
      NETStandard.Library (>= 1.6.1)
    System.Reactive (3.1.1)
      System.Reactive.PlatformServices (>= 3.1.1)
      System.Reactive.Windows.Threading (>= 3.1.1)
    System.Reactive.Core (3.1.1)
      System.Reactive.Interfaces (>= 3.1.1)
    System.Reactive.Interfaces (3.1.1)
    System.Reactive.Linq (3.1.1)
      System.Reactive.Core (>= 3.1.1)
    System.Reactive.PlatformServices (3.1.1)
      System.Reactive.Linq (>= 3.1.1)
    System.Reactive.Windows.Threading (3.1.1)
      System.Reactive.Core (>= 3.1.1)
    System.Reflection.Metadata (1.5)
      NETStandard.Library (>= 1.6.1)
      System.Collections.Immutable (>= 1.4)
    System.ValueTuple (4.4)
